GEM
  remote: http://rubygems.org/
  specs:
    ffi (1.0.11)
    growl (1.0.3)
    guard (1.0.0)
      ffi (>= 0.5.0)
      thor (~> 0.14.6)
    guard-shell (0.3.0)
      guard (>= 0.2.0)
    rake (0.9.2.2)
    rb-fsevent (0.9.0)
    thor (0.14.6)

PLATFORMS
  ruby

DEPENDENCIES
  growl
  guard
  guard-shell
  rake
  rb-fsevent
